GEM
  remote: http://rubygems.org/
  specs:
    atk (1.1.4-x86-mingw32)
      glib2 (>= 1.1.4)
    cairo (1.12.2-x86-mingw32)
      pkg-config
    coderay (1.0.6)
    eventmachine (1.0.0.rc.4-x86-mingw32)
    gdk_pixbuf2 (1.1.4-x86-mingw32)
      glib2 (>= 1.1.4)
    glib2 (1.1.4-x86-mingw32)
      pkg-config
    gtk2 (1.1.4-x86-mingw32)
      atk (>= 1.1.4)
      gdk_pixbuf2 (>= 1.1.4)
      pango (>= 1.1.4)
    method_source (0.8)
    msgpack (0.4.7-x86-mingw32)
    pango (1.1.4-x86-mingw32)
      cairo (>= 1.10.0)
      glib2 (>= 1.1.4)
    pkg-config (1.1.4)
    pry (0.9.10-x86-mingw32)
      coderay (~> 1.0.5)
      method_source (~> 0.8)
      slop (~> 3.3.1)
      win32console (~> 1.3)
    slop (3.3.2)
    win32console (1.3.2-x86-mingw32)

PLATFORMS
  x86-mingw32

DEPENDENCIES
  eventmachine (>= 1.0.0.beta.0)
  gtk2
  msgpack
  pry
